GIT
  remote: git://github.com/seth-macpherson/spree-heroku.git
  revision: cb091aafd88103d209e86f884386945917193b76
  specs:
    spree_heroku (1.0.0)
      spree_core (>= 0.50.0)

GIT
  remote: git://github.com/seth-macpherson/spree-last-address.git
  revision: 12da046ad84f80b93cb052aadc47b83bf08f8388
  specs:
    spree_last_address (0.1.0)
      spree_core (>= 0.50.0)

GIT
  remote: git://github.com/seth-macpherson/spree.git
  revision: a10df5699a8b99c8f4e145e58cc8b0a6a16971e6
  branch: 0-70-stable
  specs:
    spree (0.70.4.beta)
      spree_api (= 0.70.4.beta)
      spree_auth (= 0.70.4.beta)
      spree_core (= 0.70.4.beta)
      spree_dash (= 0.70.4.beta)
      spree_promo (= 0.70.4.beta)
      spree_sample (= 0.70.4.beta)
    spree_api (0.70.4.beta)
      spree_auth (= 0.70.4.beta)
      spree_core (= 0.70.4.beta)
    spree_auth (0.70.4.beta)
      cancan (= 1.6.5)
      devise (= 1.4.7)
      spree_core (= 0.70.4.beta)
    spree_core (0.70.4.beta)
      activemerchant (= 1.17.0)
      acts_as_list (= 0.1.4)
      deface (>= 0.7.0)
      faker (= 1.0.0)
      highline (= 1.6.2)
      jquery-rails (>= 1.0.14)
      kaminari (>= 0.12.4)
      meta_search (= 1.1.1)
      nested_set (= 1.6.8)
      paperclip (= 2.5.0)
      rails (>= 3.1.1, <= 3.1.3)
      rd_find_by_param (= 0.1.1)
      rd_resource_controller
      state_machine (= 1.0.1)
      stringex (= 1.3.0)
    spree_dash (0.70.4.beta)
      spree_core (= 0.70.4.beta)
    spree_promo (0.70.4.beta)
      spree_auth (= 0.70.4.beta)
      spree_core (= 0.70.4.beta)
    spree_sample (0.70.4.beta)
      spree_core (= 0.70.4.beta)

GIT
  remote: git://github.com/seth-macpherson/spree_flexi_variants.git
  revision: 0c467e354c3c119b4c1bcac586a7f97d18fcd184
  specs:
    spree_flexi_variants (1.0.0)
      carrierwave
      json
      rmagick

GEM
  remote: http://rubygems.org/
  specs:
    actionmailer (3.1.1)
      actionpack (= 3.1.1)
      mail (~> 2.3.0)
    actionpack (3.1.1)
      activemodel (= 3.1.1)
      activesupport (= 3.1.1)
      builder (~> 3.0.0)
      erubis (~> 2.7.0)
      i18n (~> 0.6)
      rack (~> 1.3.2)
      rack-cache (~> 1.1)
      rack-mount (~> 0.8.2)
      rack-test (~> 0.6.1)
      sprockets (~> 2.0.2)
    activemerchant (1.17.0)
      activesupport (>= 2.3.11)
      braintree (>= 2.0.0)
      builder (>= 2.0.0)
      json (>= 1.5.1)
    activemodel (3.1.1)
      activesupport (= 3.1.1)
      builder (~> 3.0.0)
      i18n (~> 0.6)
    activerecord (3.1.1)
      activemodel (= 3.1.1)
      activesupport (= 3.1.1)
      arel (~> 2.2.1)
      tzinfo (~> 0.3.29)
    activeresource (3.1.1)
      activemodel (= 3.1.1)
      activesupport (= 3.1.1)
    activesupport (3.1.1)
      multi_json (~> 1.0)
    acts_as_list (0.1.4)
    ansi (1.4.2)
    arel (2.2.1)
    aws-s3 (0.6.2)
      builder
      mime-types
      xml-simple
    aws-sdk (1.3.3)
      httparty (~> 0.7)
      json (~> 1.4)
      nokogiri (>= 1.4.4)
      uuidtools (~> 2.1)
    bcrypt-ruby (3.0.1)
    braintree (2.13.4)
      builder (>= 2.0.0)
    builder (3.0.0)
    cancan (1.6.5)
    carrierwave (0.5.6)
      activesupport (~> 3.0)
    cocaine (0.2.1)
    coffee-rails (3.1.1)
      coffee-script (>= 2.2.0)
      railties (~> 3.1.0)
    coffee-script (2.2.0)
      coffee-script-source
      execjs
    coffee-script-source (1.2.0)
    curb (0.8.0)
    deface (0.7.2)
      nokogiri (~> 1.5.0)
      rails (>= 3.0.9)
    devise (1.4.7)
      bcrypt-ruby (~> 3.0)
      orm_adapter (~> 0.0.3)
      warden (~> 1.0.3)
    erubis (2.7.0)
    execjs (1.3.0)
      multi_json (~> 1.0)
    faker (1.0.0)
      i18n (~> 0.4)
    feedzirra (0.0.24)
      activesupport (>= 2.3.8)
      builder (>= 2.1.2)
      curb (>= 0.2.3)
      loofah (>= 0.3.1)
      nokogiri (> 0.0.0)
      sax-machine (>= 0.0.12)
    highline (1.6.2)
    hike (1.2.1)
    httparty (0.8.1)
      multi_json
      multi_xml
    i18n (0.6.0)
    jquery-rails (1.0.19)
      railties (~> 3.0)
      thor (~> 0.14)
    json (1.6.5)
    kaminari (0.13.0)
      actionpack (>= 3.0.0)
      activesupport (>= 3.0.0)
      railties (>= 3.0.0)
    kgio (2.7.2)
    loofah (1.2.0)
      nokogiri (>= 1.4.4)
    mail (2.3.0)
      i18n (>= 0.4.0)
      mime-types (~> 1.16)
      treetop (~> 1.4.8)
    meta_search (1.1.1)
      actionpack (~> 3.1.0)
      activerecord (~> 3.1.0)
      activesupport (~> 3.1.0)
      polyamorous (~> 0.5.0)
    mime-types (1.17.2)
    minitest (2.11.1)
    multi_json (1.0.4)
    multi_xml (0.4.1)
    nested_set (1.6.8)
      activerecord (>= 3.0.0)
      railties (>= 3.0.0)
    nokogiri (1.5.0)
    orm_adapter (0.0.6)
    paperclip (2.5.0)
      activerecord (>= 2.3.0)
      activesupport (>= 2.3.2)
      cocaine (>= 0.0.2)
      mime-types
    pg (0.12.2)
    polyamorous (0.5.0)
      activerecord (~> 3.0)
    polyglot (0.3.3)
    rack (1.3.6)
    rack-cache (1.1)
      rack (>= 0.4)
    rack-mount (0.8.3)
      rack (>= 1.0.0)
    rack-ssl (1.3.2)
      rack
    rack-test (0.6.1)
      rack (>= 1.0)
    rails (3.1.1)
      actionmailer (= 3.1.1)
      actionpack (= 3.1.1)
      activerecord (= 3.1.1)
      activeresource (= 3.1.1)
      activesupport (= 3.1.1)
      bundler (~> 1.0)
      railties (= 3.1.1)
    railties (3.1.1)
      actionpack (= 3.1.1)
      activesupport (= 3.1.1)
      rack-ssl (~> 1.3.2)
      rake (>= 0.8.7)
      rdoc (~> 3.4)
      thor (~> 0.14.6)
    raindrops (0.8.0)
    rake (0.9.2.2)
    rd_find_by_param (0.1.1)
      activerecord (~> 3.0)
      activesupport (~> 3.0)
    rd_resource_controller (1.0.1)
    rdoc (3.12)
      json (~> 1.4)
    rmagick (2.13.1)
    sass (3.1.14)
    sass-rails (3.1.5)
      actionpack (~> 3.1.0)
      railties (~> 3.1.0)
      sass (~> 3.1.10)
      tilt (~> 1.3.2)
    sax-machine (0.1.0)
      nokogiri (> 0.0.0)
    sprockets (2.0.3)
      hike (~> 1.2)
      rack (~> 1.0)
      tilt (~> 1.1, != 1.3.0)
    state_machine (1.0.1)
    stringex (1.3.0)
    thor (0.14.6)
    tilt (1.3.3)
    treetop (1.4.10)
      polyglot
      polyglot (>= 0.3.1)
    turn (0.9.1)
      ansi
      minitest
    tzinfo (0.3.31)
    uglifier (1.2.3)
      execjs (>= 0.3.0)
      multi_json (>= 1.0.2)
    unicorn (4.2.0)
      kgio (~> 2.6)
      rack
      raindrops (~> 0.7)
    uuidtools (2.1.2)
    warden (1.0.6)
      rack (>= 1.0)
    xml-simple (1.1.1)
    yaml_db (0.2.2)

PLATFORMS
  ruby

DEPENDENCIES
  aws-s3
  aws-sdk
  carrierwave (= 0.5.6)
  coffee-rails (~> 3.1.1)
  feedzirra
  jquery-rails
  mail
  pg
  rails (= 3.1.1)
  rmagick
  sass-rails (~> 3.1.4)
  spree!
  spree_flexi_variants!
  spree_heroku (= 1.0.0)!
  spree_last_address!
  turn
  uglifier (>= 1.0.3)
  unicorn
  yaml_db
